GEM
  remote: https://rubygems.org/
  specs:
    amq-protocol (2.3.0)
    bunny (2.12.0)
      amq-protocol (~> 2.3, >= 2.3.0)

PLATFORMS
  ruby

DEPENDENCIES
  bunny (>= 2.6.0)

BUNDLED WITH
   1.16.3
